GEM
  remote: http://rubygems.org/
  remote: http://gemcutter.org/
  remote: http://gems.github.com/
  specs:
    aaronh-chronic (0.3.9)
    actionmailer (2.3.11)
      actionpack (= 2.3.11)
    actionpack (2.3.11)
      activesupport (= 2.3.11)
      rack (~> 1.1.0)
    activerecord (2.3.11)
      activesupport (= 2.3.11)
    activeresource (2.3.11)
      activesupport (= 2.3.11)
    activesupport (2.3.11)
    acts_as_audited (1.1.1)
      activerecord (>= 2.1)
    aegis (2.5.3)
    ar-extensions (0.9.5)
      activerecord (~> 2.1)
    authlogic (2.1.6)
      activesupport
    columnize (0.3.2)
    daemons (1.1.0)
    faker (0.9.5)
      i18n (~> 0.4)
    fastercsv (1.5.4)
    ffi (1.0.7)
      rake (>= 0.8.7)
    formtastic (1.2.3)
      actionpack (>= 2.3.7)
      activesupport (>= 2.3.7)
      i18n (~> 0.4)
    i18n (0.5.0)
    linecache (0.43)
    mysql (2.8.1)
    rack (1.1.2)
    rails (2.3.11)
      actionmailer (= 2.3.11)
      actionpack (= 2.3.11)
      activerecord (= 2.3.11)
      activeresource (= 2.3.11)
      activesupport (= 2.3.11)
      rake (>= 0.8.3)
    rake (0.8.7)
    rrd-ffi (0.2.7)
      activesupport
      ffi
    ruby-debug (0.10.4)
      columnize (>= 0.1)
      ruby-debug-base (~> 0.10.4.0)
    ruby-debug-base (0.10.4)
      linecache (>= 0.3)
    ruby-ip (0.9.0)
    rubyist-aasm (2.1.1)
    searchlogic (2.5.5)
      activerecord (~> 2.3.11)
      activerecord (~> 2.3.11)
    thoughtbot-paperclip (2.3.1)
    whenever (0.6.7)
      aaronh-chronic (>= 0.3.9)
      activesupport (>= 2.3.4)
    will_paginate (2.3.15)

PLATFORMS
  ruby

DEPENDENCIES
  acts_as_audited (~> 1.1)
  aegis (~> 2.5)
  ar-extensions (~> 0.9)
  authlogic (= 2.1.6)
  daemons (= 1.1.0)
  faker
  fastercsv (~> 1.5)
  formtastic (~> 1.2)
  mysql
  rails (~> 2.3.5)
  rrd-ffi (~> 0.2)
  ruby-debug
  ruby-ip (~> 0.9)
  rubyist-aasm (= 2.1.1)
  searchlogic (~> 2.4)
  thoughtbot-paperclip (~> 2.3)
  whenever (~> 0.6)
  will_paginate (~> 2.3)
